GEM
  remote: https://rubygems.org/
  specs:
    thor (1.2.1)

PLATFORMS
  x86_64-darwin-21

DEPENDENCIES
  thor (~> 1.2)

BUNDLED WITH
   2.2.32
